GEM
  remote: https://rubygems.org/
  specs:
    minitest (5.6.1)
    random-word (1.3.0)

PLATFORMS
  ruby

DEPENDENCIES
  minitest
  random-word (~> 1.3)
